GIT
  remote: git://github.com/rubymotion/BubbleWrap.git
  revision: 277ab5b6b6e6d51f38131e32146d54f03da488e8
  specs:
    bubble-wrap (1.8.0)

GEM
  remote: https://rubygems.org/
  specs:
    rake (10.4.2)

PLATFORMS
  ruby

DEPENDENCIES
  bubble-wrap!
  rake
